GEM
  remote: https://rubygems.org/
  specs:
    capistrano (3.2.1)
      i18n
      rake (>= 10.0.0)
      sshkit (~> 1.3)
    capistrano-bower (1.0.0)
      capistrano (~> 3.0)
    colorize (0.7.3)
    ffi (1.9.3)
    foundation (1.0.4)
      thor (>= 0.18.1)
    i18n (0.6.9)
    net-scp (1.2.1)
      net-ssh (>= 2.6.5)
    net-ssh (2.9.1)
    rake (10.3.2)
    rb-inotify (0.9.3)
      ffi (>= 0.5.0)
    sass (3.2.14)
    sshkit (1.5.1)
      colorize
      net-scp (>= 1.1.2)
      net-ssh (>= 2.8.0)
    thor (0.18.1)

PLATFORMS
  ruby

DEPENDENCIES
  capistrano
  capistrano-bower
  foundation
  rb-inotify (~> 0.9)
  sass
