GEM
  remote: https://rubygems.org/
  specs:
    ffi (1.9.3)
    foundation (1.0.4)
      thor (>= 0.18.1)
    rb-inotify (0.9.3)
      ffi (>= 0.5.0)
    sass (3.2.14)
    thor (0.18.1)

PLATFORMS
  ruby

DEPENDENCIES
  foundation
  rb-inotify (~> 0.9)
  sass
